GEM
  remote: https://rubygems.org/
  specs:
    thor (1.3.0)

PLATFORMS
  ruby
  x86_64-linux-gnu

DEPENDENCIES
  thor (~> 1.3)

BUNDLED WITH
   2.5.6
